GEM
  remote: https://rubygems.org/
  specs:
    RedCloth (4.3.4)
    activesupport (5.2.8.1)
      concurrent-ruby (~> 1.0, >= 1.0.2)
      i18n (>= 0.7, < 2)
      minitest (~> 5.1)
      tzinfo (~> 1.1)
    concurrent-ruby (1.3.5)
    fetcher (0.4.5)
      logutils (>= 0.6)
    gli (2.22.2)
      ostruct
    i18n (1.14.7)
      concurrent-ruby (~> 1.0)
    iniparser (1.0.1)
    kramdown (2.5.1)
      rexml (>= 3.3.9)
    liquid (5.3.0)
    logutils (0.6.1)
    markdown (1.2.1)
      kramdown (>= 1.5.0)
      props (>= 1.1.2)
      textutils (>= 0.10.0)
    minitest (5.25.4)
    ostruct (0.6.1)
    pakman (1.1.0)
      fetcher (>= 0.4.5)
      liquid (>= 4.0.0)
      logutils (>= 0.6.1)
    props (1.2.0)
      iniparser (>= 0.1.0)
    rexml (3.4.1)
    rubyzip (2.4.1)
    slideshow (2.4.1)
      gli (>= 2.5.6)
      slideshow-models (>= 2.4.0)
      slideshow-templates (>= 2.4.0)
    slideshow-models (2.5.0)
      activesupport
      logutils (>= 0.6.1)
      markdown (>= 1.2.0)
      pakman (>= 0.5.0)
      props (>= 1.1.2)
      textutils (>= 0.10.0)
    slideshow-templates (2.4.0)
    textutils (1.4.0)
      activesupport
      logutils (>= 0.6.1)
      props (>= 1.1.2)
      rubyzip (>= 1.0.0)
    thread_safe (0.3.6)
    tzinfo (1.2.11)
      thread_safe (~> 0.1)

PLATFORMS
  ruby

DEPENDENCIES
  RedCloth (~> 4.2)
  activesupport (~> 5.1)
  slideshow (~> 2.4.0)
  slideshow-models (~> 2.5.0)
  slideshow-templates (~> 2.4.0)

BUNDLED WITH
   1.17.2
